GEM
  remote: https://rubygems.org/
  specs:
    CFPropertyList (3.0.7)
      base64
      nkf
      rexml
    actioncable (8.0.2)
      actionpack (= 8.0.2)
      activesupport (= 8.0.2)
      nio4r (~> 2.0)
      websocket-driver (>= 0.6.1)
      zeitwerk (~> 2.6)
    actionmailbox (8.0.2)
      actionpack (= 8.0.2)
      activejob (= 8.0.2)
      activerecord (= 8.0.2)
      activestorage (= 8.0.2)
      activesupport (= 8.0.2)
      mail (>= 2.8.0)
    actionmailer (8.0.2)
      actionpack (= 8.0.2)
      actionview (= 8.0.2)
      activejob (= 8.0.2)
      activesupport (= 8.0.2)
      mail (>= 2.8.0)
      rails-dom-testing (~> 2.2)
    actionpack (8.0.2)
      actionview (= 8.0.2)
      activesupport (= 8.0.2)
      nokogiri (>= 1.8.5)
      rack (>= 2.2.4)
      rack-session (>= 1.0.1)
      rack-test (>= 0.6.3)
      rails-dom-testing (~> 2.2)
      rails-html-sanitizer (~> 1.6)
      useragent (~> 0.16)
    actiontext (8.0.2)
      actionpack (= 8.0.2)
      activerecord (= 8.0.2)
      activestorage (= 8.0.2)
      activesupport (= 8.0.2)
      globalid (>= 0.6.0)
      nokogiri (>= 1.8.5)
    actionview (8.0.2)
      activesupport (= 8.0.2)
      builder (~> 3.1)
      erubi (~> 1.11)
      rails-dom-testing (~> 2.2)
      rails-html-sanitizer (~> 1.6)
    activejob (8.0.2)
      activesupport (= 8.0.2)
      globalid (>= 0.3.6)
    activemodel (8.0.2)
      activesupport (= 8.0.2)
    activerecord (8.0.2)
      activemodel (= 8.0.2)
      activesupport (= 8.0.2)
      timeout (>= 0.4.0)
    activestorage (8.0.2)
      actionpack (= 8.0.2)
      activejob (= 8.0.2)
      activerecord (= 8.0.2)
      activesupport (= 8.0.2)
      marcel (~> 1.0)
    activesupport (8.0.2)
      base64
      benchmark (>= 0.3)
      bigdecimal
      concurrent-ruby (~> 1.0, >= 1.3.1)
      connection_pool (>= 2.2.5)
      drb
      i18n (>= 1.6, < 2)
      logger (>= 1.4.2)
      minitest (>= 5.1)
      securerandom (>= 0.3)
      tzinfo (~> 2.0, >= 2.0.5)
      uri (>= 0.13.1)
    addressable (2.8.7)
      public_suffix (>= 2.0.2, < 7.0)
    ast (2.4.3)
    async (2.23.0)
      console (~> 1.29)
      fiber-annotation
      io-event (~> 1.9)
      metrics (~> 0.12)
      traces (~> 0.15)
    async-http (0.87.0)
      async (>= 2.10.2)
      async-pool (~> 0.9)
      io-endpoint (~> 0.14)
      io-stream (~> 0.6)
      metrics (~> 0.12)
      protocol-http (~> 0.49)
      protocol-http1 (~> 0.30)
      protocol-http2 (~> 0.22)
      traces (~> 0.10)
    async-http-faraday (0.21.0)
      async-http (~> 0.42)
      faraday
    async-pool (0.10.3)
      async (>= 1.25)
    base64 (0.3.0)
    bcrypt (3.1.20)
    benchmark (0.4.1)
    bigdecimal (3.2.2)
    bindex (0.8.1)
    bootstrap (5.3.5)
      popper_js (>= 2.11.8, < 3)
    bootstrap-icons (1.0.15)
      nokogiri (~> 1)
    bootstrap-icons-helper (2.0.3)
      bootstrap-icons (~> 1)
      rails (>= 7.1)
    breadcrumbs_on_rails (4.1.0)
      railties (>= 5.0)
    builder (3.3.0)
    byebug (12.0.0)
    cancancan (3.6.1)
    capybara (3.40.0)
      addressable
      matrix
      mini_mime (>= 0.1.3)
      nokogiri (~> 1.11)
      rack (>= 1.6.0)
      rack-test (>= 0.6.3)
      regexp_parser (>= 1.5, < 3.0)
      xpath (~> 3.2)
    concurrent-ruby (1.3.5)
    connection_pool (2.5.3)
    console (1.29.3)
      fiber-annotation
      fiber-local (~> 1.1)
      json
    crass (1.0.6)
    csv (3.3.2)
    dartsass-rails (0.5.1)
      railties (>= 6.0.0)
      sass-embedded (~> 1.63)
    dartsass-sprockets (3.2.1)
      railties (>= 4.0.0)
      sassc-embedded (~> 1.80.1)
      sprockets (> 3.0)
      sprockets-rails
      tilt
    date (3.4.1)
    deep_merge (1.2.2)
    diffy (3.4.4)
    docile (1.4.1)
    drb (2.2.3)
    erb (5.0.1)
    erubi (1.13.1)
    facter (4.6.1)
      hocon (~> 1.3)
      thor (>= 1.0.1, < 2.0)
    factory_bot (6.5.4)
      activesupport (>= 6.1.0)
    factory_bot_rails (6.5.0)
      factory_bot (~> 6.5)
      railties (>= 6.1.0)
    faker (3.5.1)
      i18n (>= 1.8.11, < 2)
    faraday (2.13.1)
      faraday-net_http (>= 2.0, < 3.5)
      json
      logger
    faraday-http-cache (2.5.1)
      faraday (>= 0.8)
    faraday-net_http (3.4.1)
      net-http (>= 0.5.0)
    faraday-retry (2.3.2)
      faraday (~> 2.0)
    fast_gettext (3.1.0)
      prime
    ffi (1.17.1-aarch64-linux-gnu)
    ffi (1.17.1-aarch64-linux-musl)
    ffi (1.17.1-arm-linux-gnu)
    ffi (1.17.1-arm-linux-musl)
    ffi (1.17.1-arm64-darwin)
    ffi (1.17.1-x86_64-linux-gnu)
    ffi (1.17.1-x86_64-linux-musl)
    fiber-annotation (0.2.0)
    fiber-local (1.1.0)
      fiber-storage
    fiber-storage (1.0.0)
    forwardable (1.3.3)
    friendly_id (5.5.1)
      activerecord (>= 4.0.0)
    getoptlong (0.2.1)
    git (3.1.0)
      activesupport (>= 5.0)
      addressable (~> 2.8)
      process_executer (~> 1.3)
      rchardet (~> 1.9)
    gitable (0.4.0)
      addressable (~> 2.2, >= 2.2.7)
    github_changelog_generator (1.16.4)
      activesupport
      async (>= 1.25.0)
      async-http-faraday
      faraday-http-cache
      multi_json
      octokit (~> 4.6)
      rainbow (>= 2.2.1)
      rake (>= 10.0)
    globalid (1.2.1)
      activesupport (>= 6.1)
    google-protobuf (4.31.1)
      bigdecimal
      rake (>= 13)
    hiera-eyaml (4.3.0)
      highline (>= 2.1, < 4)
      optimist (~> 3.1)
    highline (3.1.2)
      reline
    hocon (1.4.0)
    httparty (0.22.0)
      csv
      mini_mime (>= 1.0.0)
      multi_xml (>= 0.5.2)
    i18n (1.14.7)
      concurrent-ruby (~> 1.0)
    importmap-rails (2.1.0)
      actionpack (>= 6.0.0)
      activesupport (>= 6.0.0)
      railties (>= 6.0.0)
    io-console (0.8.0)
    io-endpoint (0.15.2)
    io-event (1.9.0)
    io-stream (0.6.1)
    irb (1.15.2)
      pp (>= 0.6.0)
      rdoc (>= 4.0.0)
      reline (>= 0.4.2)
    json (2.12.2)
    language_server-protocol (3.17.0.5)
    libv8-node (18.19.0.0)
    libv8-node (18.19.0.0-aarch64-linux)
    libv8-node (18.19.0.0-aarch64-linux-musl)
    libv8-node (18.19.0.0-arm64-darwin)
    libv8-node (18.19.0.0-x86_64-linux)
    libv8-node (18.19.0.0-x86_64-linux-musl)
    lint_roller (1.1.0)
    listen (3.9.0)
      rb-fsevent (~> 0.10, >= 0.10.3)
      rb-inotify (~> 0.9, >= 0.9.10)
    locale (2.1.4)
    logger (1.7.0)
    loofah (2.24.1)
      crass (~> 1.0.2)
      nokogiri (>= 1.12.0)
    mail (2.8.1)
      mini_mime (>= 0.1.1)
      net-imap
      net-pop
      net-smtp
    marcel (1.0.4)
    matrix (0.4.2)
    metrics (0.12.1)
    mini_mime (1.1.5)
    mini_racer (0.16.0)
      libv8-node (~> 18.19.0.0)
    minitest (5.25.5)
    multi_json (1.15.0)
    multi_xml (0.7.1)
      bigdecimal (~> 3.1)
    net-http (0.6.0)
      uri
    net-imap (0.5.8)
      date
      net-protocol
    net-ldap (0.19.0)
    net-pop (0.1.2)
      net-protocol
    net-protocol (0.2.2)
      timeout
    net-smtp (0.5.1)
      net-protocol
    nio4r (2.7.4)
    nkf (0.2.0)
    nokogiri (1.18.8-aarch64-linux-gnu)
      racc (~> 1.4)
    nokogiri (1.18.8-aarch64-linux-musl)
      racc (~> 1.4)
    nokogiri (1.18.8-arm-linux-gnu)
      racc (~> 1.4)
    nokogiri (1.18.8-arm-linux-musl)
      racc (~> 1.4)
    nokogiri (1.18.8-arm64-darwin)
      racc (~> 1.4)
    nokogiri (1.18.8-x86_64-linux-gnu)
      racc (~> 1.4)
    nokogiri (1.18.8-x86_64-linux-musl)
      racc (~> 1.4)
    octokit (4.25.1)
      faraday (>= 1, < 3)
      sawyer (~> 0.9)
    optimist (3.2.1)
    ostruct (0.6.2)
    parallel (1.27.0)
    parser (3.3.8.0)
      ast (~> 2.4.1)
      racc
    popper_js (2.11.8)
    pp (0.6.2)
      prettyprint
    prettyprint (0.2.0)
    prime (0.1.3)
      forwardable
      singleton
    prism (1.4.0)
    process_executer (1.3.0)
    protocol-hpack (1.5.1)
    protocol-http (0.49.0)
    protocol-http1 (0.30.0)
      protocol-http (~> 0.22)
    protocol-http2 (0.22.1)
      protocol-hpack (~> 1.4)
      protocol-http (~> 0.47)
    psych (5.2.6)
      date
      stringio
    public_suffix (6.0.2)
    puma (6.6.0)
      nio4r (~> 2.0)
    puppet (8.10.0)
      concurrent-ruby (~> 1.0)
      deep_merge (~> 1.0)
      facter (>= 4.3.0, < 5)
      fast_gettext (>= 2.1, < 4)
      getoptlong (~> 0.2.0)
      locale (~> 2.1)
      multi_json (~> 1.13)
      puppet-resource_api (~> 1.5)
      scanf (~> 1.0)
      semantic_puppet (~> 1.0)
    puppet (8.10.0-universal-darwin)
      CFPropertyList (>= 3.0.6, < 4)
      concurrent-ruby (~> 1.0)
      deep_merge (~> 1.0)
      facter (>= 4.3.0, < 5)
      fast_gettext (>= 2.1, < 4)
      getoptlong (~> 0.2.0)
      locale (~> 2.1)
      multi_json (~> 1.13)
      puppet-resource_api (~> 1.5)
      scanf (~> 1.0)
      semantic_puppet (~> 1.0)
    puppet-resource_api (1.9.0)
      hocon (>= 1.0)
    puppetdb-ruby (1.2.0)
      httparty
    racc (1.8.1)
    rack (3.1.16)
    rack-session (2.1.1)
      base64 (>= 0.1.0)
      rack (>= 3.0.0)
    rack-test (2.2.0)
      rack (>= 1.3)
    rackup (2.2.1)
      rack (>= 3)
    rails (8.0.2)
      actioncable (= 8.0.2)
      actionmailbox (= 8.0.2)
      actionmailer (= 8.0.2)
      actionpack (= 8.0.2)
      actiontext (= 8.0.2)
      actionview (= 8.0.2)
      activejob (= 8.0.2)
      activemodel (= 8.0.2)
      activerecord (= 8.0.2)
      activestorage (= 8.0.2)
      activesupport (= 8.0.2)
      bundler (>= 1.15.0)
      railties (= 8.0.2)
    rails-dom-testing (2.3.0)
      activesupport (>= 5.0.0)
      minitest
      nokogiri (>= 1.6)
    rails-html-sanitizer (1.6.2)
      loofah (~> 2.21)
      nokogiri (>= 1.15.7, != 1.16.7, != 1.16.6, != 1.16.5, != 1.16.4, != 1.16.3, != 1.16.2, != 1.16.1, != 1.16.0.rc1, != 1.16.0)
    railties (8.0.2)
      actionpack (= 8.0.2)
      activesupport (= 8.0.2)
      irb (~> 1.13)
      rackup (>= 1.0.0)
      rake (>= 12.2)
      thor (~> 1.0, >= 1.2.2)
      zeitwerk (~> 2.6)
    rainbow (3.1.1)
    rake (13.3.0)
    rb-fsevent (0.11.2)
    rb-inotify (0.11.1)
      ffi (~> 1.0)
    rchardet (1.9.0)
    rdoc (6.14.1)
      erb
      psych (>= 4.0.0)
    regexp_parser (2.10.0)
    reline (0.6.1)
      io-console (~> 0.5)
    rexml (3.4.1)
    rspec-core (3.13.3)
      rspec-support (~> 3.13.0)
    rspec-openapi (0.19.0)
      actionpack (>= 5.2.0)
      rails-dom-testing
      rspec-core
    rspec-support (3.13.3)
    rubocop (1.77.0)
      json (~> 2.3)
      language_server-protocol (~> 3.17.0.2)
      lint_roller (~> 1.1.0)
      parallel (~> 1.10)
      parser (>= 3.3.0.2)
      rainbow (>= 2.2.2, < 4.0)
      regexp_parser (>= 2.9.3, < 3.0)
      rubocop-ast (>= 1.45.1, < 2.0)
      ruby-progressbar (~> 1.7)
      unicode-display_width (>= 2.4.0, < 4.0)
    rubocop-ast (1.45.1)
      parser (>= 3.3.7.2)
      prism (~> 1.4)
    rubocop-capybara (2.22.1)
      lint_roller (~> 1.1)
      rubocop (~> 1.72, >= 1.72.1)
    rubocop-factory_bot (2.27.1)
      lint_roller (~> 1.1)
      rubocop (~> 1.72, >= 1.72.1)
    rubocop-performance (1.25.0)
      lint_roller (~> 1.1)
      rubocop (>= 1.75.0, < 2.0)
      rubocop-ast (>= 1.38.0, < 2.0)
    rubocop-rails (2.32.0)
      activesupport (>= 4.2.0)
      lint_roller (~> 1.1)
      rack (>= 1.1)
      rubocop (>= 1.75.0, < 2.0)
      rubocop-ast (>= 1.44.0, < 2.0)
    rubocop-rake (0.7.1)
      lint_roller (~> 1.1)
      rubocop (>= 1.72.1)
    ruby-progressbar (1.13.0)
    ruby-saml (1.18.0)
      nokogiri (>= 1.13.10)
      rexml
    rubyzip (2.4.1)
    sass-embedded (1.86.3-aarch64-linux-gnu)
      google-protobuf (~> 4.30)
    sass-embedded (1.86.3-aarch64-linux-musl)
      google-protobuf (~> 4.30)
    sass-embedded (1.86.3-arm-linux-gnueabihf)
      google-protobuf (~> 4.30)
    sass-embedded (1.86.3-arm-linux-musleabihf)
      google-protobuf (~> 4.30)
    sass-embedded (1.86.3-arm64-darwin)
      google-protobuf (~> 4.30)
    sass-embedded (1.86.3-x86_64-linux-gnu)
      google-protobuf (~> 4.30)
    sass-embedded (1.86.3-x86_64-linux-musl)
      google-protobuf (~> 4.30)
    sassc-embedded (1.80.4)
      sass-embedded (~> 1.80)
    sawyer (0.9.2)
      addressable (>= 2.3.5)
      faraday (>= 0.17.3, < 3)
    scanf (1.0.0)
    securerandom (0.4.1)
    selenium-webdriver (4.33.0)
      base64 (~> 0.2)
      logger (~> 1.4)
      rexml (~> 3.2, >= 3.2.5)
      rubyzip (>= 1.2.2, < 3.0)
      websocket (~> 1.0)
    semantic_puppet (1.1.1)
    simplecov (0.22.0)
      docile (~> 1.1)
      simplecov-html (~> 0.11)
      simplecov_json_formatter (~> 0.1)
    simplecov-html (0.13.1)
    simplecov_json_formatter (0.1.4)
    singleton (0.3.0)
    sprockets (4.2.1)
      concurrent-ruby (~> 1.0)
      rack (>= 2.2.4, < 4)
    sprockets-rails (3.5.2)
      actionpack (>= 6.1)
      activesupport (>= 6.1)
      sprockets (>= 3.0.0)
    sqlite3 (2.7.0-aarch64-linux-gnu)
    sqlite3 (2.7.0-aarch64-linux-musl)
    sqlite3 (2.7.0-arm-linux-gnu)
    sqlite3 (2.7.0-arm-linux-musl)
    sqlite3 (2.7.0-arm64-darwin)
    sqlite3 (2.7.0-x86_64-linux-gnu)
    sqlite3 (2.7.0-x86_64-linux-musl)
    stimulus-rails (1.3.4)
      railties (>= 6.0.0)
    stringio (3.1.7)
    syslog (0.3.0)
      logger
    thor (1.3.2)
    tilt (2.6.0)
    timeout (0.4.3)
    traces (0.15.2)
    turbo-rails (2.0.16)
      actionpack (>= 7.1.0)
      railties (>= 7.1.0)
    tzinfo (2.0.6)
      concurrent-ruby (~> 1.0)
    unicode-display_width (3.1.4)
      unicode-emoji (~> 4.0, >= 4.0.4)
    unicode-emoji (4.0.4)
    uri (1.0.3)
    useragent (0.16.11)
    web-console (4.2.1)
      actionview (>= 6.0.0)
      activemodel (>= 6.0.0)
      bindex (>= 0.4.0)
      railties (>= 6.0.0)
    websocket (1.2.11)
    websocket-driver (0.7.7)
      base64
      websocket-extensions (>= 0.1.0)
    websocket-extensions (0.1.5)
    xpath (3.2.0)
      nokogiri (~> 1.8)
    zeitwerk (2.7.3)

PLATFORMS
  aarch64-linux
  aarch64-linux-gnu
  aarch64-linux-musl
  arm-linux-gnu
  arm-linux-gnueabihf
  arm-linux-musl
  arm-linux-musleabihf
  arm64-darwin-24
  x86_64-linux-gnu
  x86_64-linux-musl

DEPENDENCIES
  bcrypt (~> 3.1.20)
  bootstrap (~> 5.3.5)
  bootstrap-icons-helper
  breadcrumbs_on_rails
  byebug
  cancancan
  capybara (>= 2.15)
  dartsass-rails
  dartsass-sprockets
  deep_merge
  diffy
  factory_bot_rails
  faker
  faraday-retry
  friendly_id (~> 5.5.1)
  git
  gitable
  github_changelog_generator (>= 1.16.1)
  google-protobuf
  hiera-eyaml
  importmap-rails
  libv8-node (~> 18.19.0.0)
  listen (~> 3.9)
  mini_racer (~> 0.16.0)
  net-ldap
  ostruct (~> 0.6.2)
  puma (~> 6.4)
  puppet
  puppetdb-ruby
  rails (~> 8.0.2)
  rspec-openapi
  rubocop (~> 1.77.0)
  rubocop-capybara (~> 2.22.1)
  rubocop-factory_bot (~> 2.27.1)
  rubocop-performance (~> 1.25.0)
  rubocop-rails (~> 2.32.0)
  rubocop-rake (~> 0.7.1)
  ruby-saml
  selenium-webdriver
  simplecov
  sprockets-rails
  sqlite3 (~> 2.7)
  stimulus-rails
  syslog (~> 0.3.0)
  turbo-rails
  tzinfo-data
  web-console (>= 3.3.0)

RUBY VERSION
   ruby 3.4.4p34

BUNDLED WITH
   2.6.5
